GEM
  remote: https://rubygems.org/
  specs:
    addressable (2.8.6)
      public_suffix (>= 2.0.2, < 6.0)
    ethon (0.16.0)
      ffi (>= 1.15.0)
    ffi (1.16.3)
    html-proofer (4.4.3)
      addressable (~> 2.3)
      mercenary (~> 0.3)
      nokogiri (~> 1.13)
      parallel (~> 1.10)
      rainbow (~> 3.0)
      typhoeus (~> 1.3)
      yell (~> 2.0)
      zeitwerk (~> 2.5)
    mercenary (0.4.0)
    mini_portile2 (2.8.7)
    nokogiri (1.15.6)
      mini_portile2 (~> 2.8.2)
      racc (~> 1.4)
    parallel (1.24.0)
    public_suffix (5.0.5)
    racc (1.8.0)
    rainbow (3.1.1)
    typhoeus (1.4.1)
      ethon (>= 0.9.0)
    yell (2.2.2)
    zeitwerk (2.6.15)

PLATFORMS
  ruby

DEPENDENCIES
  html-proofer (>= 3.19.0)
  tzinfo-data

BUNDLED WITH
   2.1.4
